PATH
  remote: .
  specs:
    midicat (0.0.1)
      midi-nibbler
      unimidi

GEM
  remote: https://rubygems.org/
  specs:
    alsa-rawmidi (0.3.1)
      ffi (~> 1.0)
    ffi (1.9.6)
    ffi-coremidi (0.3.7)
      ffi (~> 1.9, >= 1.9.6)
    midi-jruby (0.1.4)
    midi-message (0.4.5)
    midi-nibbler (0.2.1)
      midi-message (~> 0)
    midi-winmm (0.1.10)
      ffi (>= 1.0)
    rake (10.4.2)
    unimidi (0.4.6)
      alsa-rawmidi (~> 0.3, >= 0.3.1)
      ffi-coremidi (~> 0.3, >= 0.3.5)
      midi-jruby (~> 0.1, >= 0.1.4)
      midi-winmm (~> 0.1, >= 0.1.10)

PLATFORMS
  ruby

DEPENDENCIES
  bundler (~> 1.7)
  midicat!
  rake (~> 10.0)
